GEM
  remote: https://rubygems.org/
  specs:
    activesupport (5.2.0)
      concurrent-ruby (~> 1.0, >= 1.0.2)
      i18n (>= 0.7, < 2)
      minitest (~> 5.1)
      tzinfo (~> 1.1)
    bundler-audit (0.6.0)
      bundler (~> 1.2)
      thor (~> 0.18)
    childprocess (0.9.0)
      ffi (~> 1.0, >= 1.0.11)
    colored (1.2)
    concurrent-ruby (1.0.5)
    ffi (1.9.25)
    i18n (1.0.1)
      concurrent-ruby (~> 1.0)
    logger (1.2.8)
    mini_portile2 (2.3.0)
    minitest (5.11.3)
    net-ping (2.0.4)
    nokogiri (1.8.3)
      mini_portile2 (~> 2.3.0)
    rubygems-update (2.7.7)
    rubyzip (1.2.1)
    selenium-webdriver (3.13.0)
      childprocess (~> 0.5)
      rubyzip (~> 1.2)
    thor (0.20.0)
    thread_safe (0.3.6)
    time_difference (0.7.0)
      activesupport (~> 5.1)
    tzinfo (1.2.5)
      thread_safe (~> 0.1)
    watir (6.11.0)
      selenium-webdriver (~> 3.4, >= 3.4.1)

PLATFORMS
  ruby

DEPENDENCIES
  bundler-audit!
  colored!
  logger!
  net-ping!
  nokogiri!
  rubygems-update!
  selenium-webdriver!
  time_difference!
  watir!

BUNDLED WITH
   1.16.2
