GEM
  remote: https://rubygems.org/
  specs:
    activesupport (5.2.0)
      concurrent-ruby (~> 1.0, >= 1.0.2)
      i18n (>= 0.7, < 2)
      minitest (~> 5.1)
      tzinfo (~> 1.1)
    childprocess (0.9.0)
      ffi (~> 1.0, >= 1.0.11)
    colored (1.2)
    concurrent-ruby (1.0.5)
    ffi (1.9.23)
    i18n (1.0.1)
      concurrent-ruby (~> 1.0)
    logger (1.2.8)
    mini_portile2 (2.3.0)
    minitest (5.11.3)
    net-ping (2.0.4)
    nokogiri (1.8.2)
      mini_portile2 (~> 2.3.0)
    pdf-core (0.7.0)
    prawn (2.2.2)
      pdf-core (~> 0.7.0)
      ttfunk (~> 1.5)
    rubygems-update (2.7.6)
    rubyzip (1.2.1)
    selenium-webdriver (3.11.0)
      childprocess (~> 0.5)
      rubyzip (~> 1.2)
    thread_safe (0.3.6)
    time_difference (0.7.0)
      activesupport (~> 5.1)
    ttfunk (1.5.1)
    tzinfo (1.2.5)
      thread_safe (~> 0.1)
    watir (6.10.3)
      selenium-webdriver (~> 3.4, >= 3.4.1)

PLATFORMS
  ruby

DEPENDENCIES
  colored!
  logger!
  net-ping!
  nokogiri!
  prawn!
  rubygems-update!
  selenium-webdriver!
  time_difference!
  watir!

BUNDLED WITH
   1.16.1
