GEM
  remote: http://rubygems.internal.local/
  specs:
    taf (0.1.4)

PLATFORMS
  ruby

DEPENDENCIES
  taf!

BUNDLED WITH
   1.16.1
