GEM
  remote: https://rubygems.org/
  specs:
    activesupport (5.2.2)
      concurrent-ruby (~> 1.0, >= 1.0.2)
      i18n (>= 0.7, < 2)
      minitest (~> 5.1)
      tzinfo (~> 1.1)
    bundler-audit (0.6.0)
      bundler (~> 1.2)
      thor (~> 0.18)
    childprocess (0.9.0)
      ffi (~> 1.0, >= 1.0.11)
    colored (1.2)
    concurrent-ruby (1.1.4)
    ffi (1.10.0)
    i18n (1.5.1)
      concurrent-ruby (~> 1.0)
    logger (1.3.0)
    mini_portile2 (2.4.0)
    minitest (5.11.3)
    net-ping (2.0.5)
    nokogiri (1.10.0)
      mini_portile2 (~> 2.4.0)
    regexp_parser (1.3.0)
    rubyXL (3.3.31)
      nokogiri (>= 1.4.4)
      rubyzip (>= 1.1.6)
    rubygems-update (2.7.8)
    rubyzip (1.2.2)
    selenium-webdriver (3.141.0)
      childprocess (~> 0.5)
      rubyzip (~> 1.2, >= 1.2.2)
    taf (0.2.0)
      bundler-audit (~> 0.6)
      colored (~> 1.2)
      logger (~> 1.2)
      net-ping (~> 2.0)
      nokogiri (~> 1.8)
      rubyXL (~> 3.3)
      rubygems-update (~> 2.7)
      selenium-webdriver (~> 3.14)
      time_difference (~> 0.7)
      watir (~> 6.16)
    thor (0.20.3)
    thread_safe (0.3.6)
    time_difference (0.7.0)
      activesupport (~> 5.1)
    tzinfo (1.2.5)
      thread_safe (~> 0.1)
    watir (6.16.5)
      regexp_parser (~> 1.2)
      selenium-webdriver (~> 3.6)

PLATFORMS
  ruby

DEPENDENCIES
  taf!

BUNDLED WITH
   1.16.1
